GEM
  remote: https://rubygems.org/
  specs:
    ast (2.4.2)
    base64 (0.1.0)
    ffi (1.15.0)
    json (2.5.1)
    minitest (5.14.4)
    nio4r (2.5.7)
    parallel (1.20.1)
    parser (3.0.1.0)
      ast (~> 2.4.1)
    puma (5.2.2)
      nio4r (~> 2.0)
    rack (2.2.3)
    rainbow (3.0.0)
    rake (13.0.3)
    rbnacl (7.1.1)
      ffi
    regexp_parser (2.1.1)
    rexml (3.2.5)
    roda (3.43.1)
      rack
    rubocop (1.12.1)
      parallel (~> 1.10)
      parser (>= 3.0.0.0)
      rainbow (>= 2.2.2, < 4.0)
      regexp_parser (>= 1.8, < 3.0)
      rexml
      rubocop-ast (>= 1.2.0, < 2.0)
      ruby-progressbar (~> 1.7)
      unicode-display_width (>= 1.4.0, < 3.0)
    rubocop-ast (1.4.1)
      parser (>= 2.7.1.5)
    ruby-progressbar (1.11.0)
    unicode-display_width (2.0.0)

PLATFORMS
  arm64-darwin-20
  x86_64-linux

DEPENDENCIES
  base64
  json
  minitest
  puma (~> 5)
  rake
  rbnacl
  roda (~> 3)
  rubocop

BUNDLED WITH
   2.2.16
